GEM
  remote: https://rubygems.org/
  specs:
    CFPropertyList (2.3.0)
    addressable (2.3.7)
    coderay (1.1.0)
    colorize (0.7.5)
    launchy (2.4.3)
      addressable (~> 2.3)
    method_source (0.8.2)
    pry (0.10.1)
      coderay (~> 1.1.0)
      method_source (~> 0.8.1)
      slop (~> 3.4)
    slop (3.6.0)
    sqlite3 (1.3.10)

PLATFORMS
  ruby

DEPENDENCIES
  CFPropertyList
  colorize
  launchy
  pry
  sqlite3 (~> 1.3.10)
